PATH
  remote: .
  specs:
    hooksler-newrelic (0.1.0)

GEM
  remote: https://rubygems.org/
  specs:
    rake (10.4.2)

PLATFORMS
  x64-mingw32

DEPENDENCIES
  bundler (~> 1.9)
  hooksler-newrelic!
  rake (~> 10.0)

BUNDLED WITH
   1.10.3
