PATH
  remote: .
  specs:
    hooksler-newrelic (0.1.0)
      hooksler

GEM
  remote: https://rubygems.org/
  specs:
    hashie (3.4.2)
    hooksler (0.1.0)
      hashie
      multi_json
      rack
    multi_json (1.11.1)
    rack (1.6.1)
    rake (10.4.2)

PLATFORMS
  x64-mingw32

DEPENDENCIES
  bundler (~> 1.9)
  hooksler-newrelic!
  rake (~> 10.0)

BUNDLED WITH
   1.10.3
